GEM
  remote: https://rubygems.org/
  specs:
    cpf_utils (1.3.1)

PLATFORMS
  ruby

DEPENDENCIES
  cpf_utils

BUNDLED WITH
   1.16.1
